PATH
  remote: .
  specs:
    i18n_data (0.13.0)

GEM
  remote: https://rubygems.org/
  specs:
    bump (0.9.0)
    diff-lcs (1.4.3)
    rake (13.0.1)
    rspec (2.99.0)
      rspec-core (~> 2.99.0)
      rspec-expectations (~> 2.99.0)
      rspec-mocks (~> 2.99.0)
    rspec-core (2.99.2)
    rspec-expectations (2.99.2)
      diff-lcs (>= 1.1.3, < 2.0)
    rspec-mocks (2.99.4)

PLATFORMS
  ruby

DEPENDENCIES
  bump
  i18n_data!
  rake
  rspec (~> 2)

BUNDLED WITH
   2.1.4
